GIT
  remote: https://github.com/locomotivecms/common.git
  revision: c78da1584e1f2fdf9c7382b4cb03dcb4d8ae4387
  ref: c78da158
  specs:
    locomotivecms_common (0.6.0.alpha1)
      activesupport (>= 5)
      attr_extras (~> 7.1.0)
      colorize
      stringex (~> 2.8.5)

GIT
  remote: https://github.com/locomotivecms/custom_fields.git
  revision: 87bf1b389dcb710f3261abb3380a6da97cad1095
  ref: 87bf1b
  specs:
    custom_fields (2.14.0.alpha1)
      activesupport (>= 7, < 8.0)
      bcrypt (~> 3.1.18)
      carrierwave-mongoid (~> 1.4.0)
      monetize (~> 1.12.0)
      mongoid (>= 7, < 9.0)

GIT
  remote: https://github.com/locomotivecms/engine.git
  revision: e6fb512c08f7108eb024b7e56b8f4f153570f78e
  ref: e6fb512c
  specs:
    locomotivecms (4.2.0.alpha2)
      actionmailer-with-request (~> 0.5.0)
      adomain (~> 0.2.4)
      autoprefixer-rails (~> 10.4.13)
      bazaar (~> 0.0.2)
      bootstrap-kaminari-views (~> 0.0.5)
      bootstrap-sass (~> 3.4.1)
      carrierwave (~> 1.3.3)
      carrierwave-mongoid (~> 1.4.0)
      coffee-rails (~> 5.0)
      custom_fields (~> 2.14.0.alpha1)
      devise (~> 4.9.3)
      devise-encryptable (~> 0.2.0)
      dragonfly (~> 1.4.0)
      flash_cookie_session (~> 1.1.6)
      font-awesome-sass (~> 6.3.0)
      grape (~> 2.1.3)
      grape-entity (~> 0.10.0)
      highline (~> 2.1.0)
      jbuilder (~> 2.11)
      jquery-rails (~> 4.5.1)
      jquery-ui-rails (~> 6.0.1)
      json-schema (~> 3.0.0)
      kaminari-actionview (~> 1.2.2)
      kaminari-mongoid (~> 1.0.2)
      locomotivecms_steam (~> 1.8.0.alpha1)
      mongo (~> 2.19.3)
      mongoid (~> 8.0.7)
      mongoid-tree (~> 2.2.0)
      multi_json (~> 1.15.0)
      origin (~> 2.3.1)
      pundit (~> 2.3.0)
      rack-cache (~> 1.14.0)
      rails (>= 7.1)
      rails-html-sanitizer (~> 1.6.0)
      rails-i18n (~> 7.0.6)
      responders (~> 3.1.0)
      sass-rails (~> 6.0.0)
      simple_form (~> 5.2.0)
      simple_token_authentication (~> 1.18.1)
      slim (~> 5.0.0)
      sprockets-rails (~> 3.4.2)
      yajl-ruby (~> 1.4.3)

GIT
  remote: https://github.com/locomotivecms/steam.git
  revision: ba10b57b1aabbb434a9202d9296436355c988757
  ref: ba10b57b
  specs:
    locomotivecms_steam (1.8.0.alpha2)
      RedCloth (~> 4.3.2)
      bcrypt (~> 3.1.11)
      chronic (~> 0.10.2)
      dragonfly (~> 1.4.0)
      duktape (~> 2.0.1.1)
      execjs (~> 2.9.1)
      httparty (~> 0.22.0)
      kramdown (~> 2.3.0)
      liquid (~> 4.0.4)
      locomotivecms_common (~> 0.6.0.alpha1)
      mime-types (~> 3.5.0)
      mimetype-fu (~> 0.1.2)
      moneta (~> 1.6.0)
      morphine (~> 0.1.1)
      multi_json (~> 1.15.0)
      nokogiri (~> 1.16.7)
      parser (~> 3.3)
      pony (~> 1.12)
      rack-cache (>= 1.7, < 2)
      rack-rewrite (~> 1.5.1)
      rack-session (~> 2.0.0)
      rack_csrf (~> 2.6.0)
      sanitize (~> 6.0.1)

GIT
  remote: https://github.com/shopinvader/locomotive-shopinvader.git
  revision: effff0501d5d6582f9d096aba837019e1e621147
  branch: v4.0.x
  specs:
    shop_invader (0.1.0)
      algoliasearch (~> 1.13.0)
      elasticsearch (~> 6.2.0)
      faraday (~> 0.17)
      jwt (~> 2.2.1)
      rack-utm (~> 0.0.2)

GEM
  remote: https://rubygems.org/
  specs:
    RedCloth (4.3.4)
    actioncable (7.1.4.1)
      actionpack (= 7.1.4.1)
      activesupport (= 7.1.4.1)
      nio4r (~> 2.0)
      websocket-driver (>= 0.6.1)
      zeitwerk (~> 2.6)
    actionmailbox (7.1.4.1)
      actionpack (= 7.1.4.1)
      activejob (= 7.1.4.1)
      activerecord (= 7.1.4.1)
      activestorage (= 7.1.4.1)
      activesupport (= 7.1.4.1)
      mail (>= 2.7.1)
      net-imap
      net-pop
      net-smtp
    actionmailer (7.1.4.1)
      actionpack (= 7.1.4.1)
      actionview (= 7.1.4.1)
      activejob (= 7.1.4.1)
      activesupport (= 7.1.4.1)
      mail (~> 2.5, >= 2.5.4)
      net-imap
      net-pop
      net-smtp
      rails-dom-testing (~> 2.2)
    actionmailer-with-request (0.5.0)
      rails (>= 5)
    actionpack (7.1.4.1)
      actionview (= 7.1.4.1)
      activesupport (= 7.1.4.1)
      nokogiri (>= 1.8.5)
      racc
      rack (>= 2.2.4)
      rack-session (>= 1.0.1)
      rack-test (>= 0.6.3)
      rails-dom-testing (~> 2.2)
      rails-html-sanitizer (~> 1.6)
    actiontext (7.1.4.1)
      actionpack (= 7.1.4.1)
      activerecord (= 7.1.4.1)
      activestorage (= 7.1.4.1)
      activesupport (= 7.1.4.1)
      globalid (>= 0.6.0)
      nokogiri (>= 1.8.5)
    actionview (7.1.4.1)
      activesupport (= 7.1.4.1)
      builder (~> 3.1)
      erubi (~> 1.11)
      rails-dom-testing (~> 2.2)
      rails-html-sanitizer (~> 1.6)
    activejob (7.1.4.1)
      activesupport (= 7.1.4.1)
      globalid (>= 0.3.6)
    activemodel (7.1.4.1)
      activesupport (= 7.1.4.1)
    activerecord (7.1.4.1)
      activemodel (= 7.1.4.1)
      activesupport (= 7.1.4.1)
      timeout (>= 0.4.0)
    activestorage (7.1.4.1)
      actionpack (= 7.1.4.1)
      activejob (= 7.1.4.1)
      activerecord (= 7.1.4.1)
      activesupport (= 7.1.4.1)
      marcel (~> 1.0)
    activesupport (7.1.4.1)
      base64
      bigdecimal
      concurrent-ruby (~> 1.0, >= 1.0.2)
      connection_pool (>= 2.2.5)
      drb
      i18n (>= 1.6, < 2)
      minitest (>= 5.1)
      mutex_m
      tzinfo (~> 2.0)
    addressable (2.8.7)
      public_suffix (>= 2.0.2, < 7.0)
    adomain (0.2.4)
      addressable (~> 2.5)
      logger
    algoliasearch (1.13.0)
      httpclient (~> 2.8.3)
      json (>= 1.5.1)
    ast (2.4.2)
    attr_extras (7.1.0)
    autoprefixer-rails (10.4.19.0)
      execjs (~> 2)
    aws-eventstream (1.3.0)
    aws-partitions (1.992.0)
    aws-sdk-core (3.210.0)
      aws-eventstream (~> 1, >= 1.3.0)
      aws-partitions (~> 1, >= 1.992.0)
      aws-sigv4 (~> 1.9)
      jmespath (~> 1, >= 1.6.1)
    aws-sdk-kms (1.95.0)
      aws-sdk-core (~> 3, >= 3.210.0)
      aws-sigv4 (~> 1.5)
    aws-sdk-s3 (1.169.0)
      aws-sdk-core (~> 3, >= 3.210.0)
      aws-sdk-kms (~> 1)
      aws-sigv4 (~> 1.5)
    aws-sigv4 (1.10.0)
      aws-eventstream (~> 1, >= 1.0.2)
    base64 (0.2.0)
    bazaar (0.0.2)
    bcrypt (3.1.20)
    bigdecimal (3.1.8)
    bootsnap (1.18.4)
      msgpack (~> 1.2)
    bootstrap-kaminari-views (0.0.5)
      kaminari (>= 0.13)
      rails (>= 3.1)
    bootstrap-sass (3.4.1)
      autoprefixer-rails (>= 5.2.1)
      sassc (>= 2.0.0)
    bson (4.15.0)
    builder (3.3.0)
    carrierwave (1.3.4)
      activemodel (>= 4.0.0)
      activesupport (>= 4.0.0)
      mime-types (>= 1.16)
      ssrf_filter (~> 1.0, < 1.1.0)
    carrierwave-aws (1.4.0)
      aws-sdk-s3 (~> 1.0)
      carrierwave (>= 0.7, < 2.1)
    carrierwave-mongoid (1.4.0)
      carrierwave (>= 0.8, < 3)
      mongoid (>= 3.0, < 9.0)
      mongoid-grid_fs (>= 1.3, < 3.0)
    chronic (0.10.2)
    coffee-rails (5.0.0)
      coffee-script (>= 2.2.0)
      railties (>= 5.2.0)
    coffee-script (2.4.1)
      coffee-script-source
      execjs
    coffee-script-source (1.12.2)
    colorize (1.1.0)
    concurrent-ruby (1.3.4)
    connection_pool (2.4.1)
    crass (1.0.6)
    csv (3.3.0)
    date (3.3.4)
    debug (1.9.2)
      irb (~> 1.10)
      reline (>= 0.3.8)
    devise (4.9.4)
      bcrypt (~> 3.0)
      orm_adapter (~> 0.1)
      railties (>= 4.1.0)
      responders
      warden (~> 1.2.3)
    devise-encryptable (0.2.0)
      devise (>= 2.1.0)
    dotenv (3.1.4)
    dragonfly (1.4.0)
      addressable (~> 2.3)
      multi_json (~> 1.0)
      rack (>= 1.3)
    drb (2.2.1)
    dry-core (1.0.1)
      concurrent-ruby (~> 1.0)
      zeitwerk (~> 2.6)
    dry-inflector (1.1.0)
    dry-logic (1.5.0)
      concurrent-ruby (~> 1.0)
      dry-core (~> 1.0, < 2)
      zeitwerk (~> 2.6)
    dry-types (1.7.2)
      bigdecimal (~> 3.0)
      concurrent-ruby (~> 1.0)
      dry-core (~> 1.0)
      dry-inflector (~> 1.0)
      dry-logic (~> 1.4)
      zeitwerk (~> 2.6)
    duktape (2.0.1.1)
    elasticsearch (6.2.0)
      elasticsearch-api (= 6.2.0)
      elasticsearch-transport (= 6.2.0)
    elasticsearch-api (6.2.0)
      multi_json
    elasticsearch-transport (6.2.0)
      faraday
      multi_json
    erubi (1.13.0)
    execjs (2.9.1)
    faraday (0.17.6)
      multipart-post (>= 1.2, < 3)
    ffi (1.17.0-aarch64-linux-gnu)
    ffi (1.17.0-aarch64-linux-musl)
    ffi (1.17.0-arm-linux-gnu)
    ffi (1.17.0-arm-linux-musl)
    ffi (1.17.0-arm64-darwin)
    ffi (1.17.0-x86-linux-gnu)
    ffi (1.17.0-x86-linux-musl)
    ffi (1.17.0-x86_64-darwin)
    ffi (1.17.0-x86_64-linux-gnu)
    ffi (1.17.0-x86_64-linux-musl)
    flash_cookie_session (1.1.6)
      rails (>= 3.0)
    font-awesome-sass (6.3.0)
      sassc (~> 2.0)
    get_process_mem (1.0.0)
      bigdecimal (>= 2.0)
      ffi (~> 1.0)
    globalid (1.2.1)
      activesupport (>= 6.1)
    grape (2.1.3)
      activesupport (>= 6)
      dry-types (>= 1.1)
      mustermann-grape (~> 1.1.0)
      rack (>= 2)
      zeitwerk
    grape-entity (0.10.2)
      activesupport (>= 3.0.0)
      multi_json (>= 1.3.2)
    highline (2.1.0)
    httparty (0.22.0)
      csv
      mini_mime (>= 1.0.0)
      multi_xml (>= 0.5.2)
    httpclient (2.8.3)
    i18n (1.14.6)
      concurrent-ruby (~> 1.0)
    io-console (0.7.2)
    irb (1.14.1)
      rdoc (>= 4.0.0)
      reline (>= 0.4.2)
    jbuilder (2.13.0)
      actionview (>= 5.0.0)
      activesupport (>= 5.0.0)
    jmespath (1.6.2)
    jquery-rails (4.5.1)
      rails-dom-testing (>= 1, < 3)
      railties (>= 4.2.0)
      thor (>= 0.14, < 2.0)
    jquery-ui-rails (6.0.1)
      railties (>= 3.2.16)
    json (2.7.2)
    json-schema (3.0.0)
      addressable (>= 2.8)
    jwt (2.2.3)
    kaminari (1.2.2)
      activesupport (>= 4.1.0)
      kaminari-actionview (= 1.2.2)
      kaminari-activerecord (= 1.2.2)
      kaminari-core (= 1.2.2)
    kaminari-actionview (1.2.2)
      actionview
      kaminari-core (= 1.2.2)
    kaminari-activerecord (1.2.2)
      activerecord
      kaminari-core (= 1.2.2)
    kaminari-core (1.2.2)
    kaminari-mongoid (1.0.2)
      kaminari-core (~> 1.0)
      mongoid
    kramdown (2.3.2)
      rexml
    liquid (4.0.4)
    logger (1.6.1)
    loofah (2.22.0)
      crass (~> 1.0.2)
      nokogiri (>= 1.12.0)
    mail (2.8.1)
      mini_mime (>= 0.1.1)
      net-imap
      net-pop
      net-smtp
    marcel (1.0.4)
    mime-types (3.5.2)
      mime-types-data (~> 3.2015)
    mime-types-data (3.2024.1001)
    mimemagic (0.4.3)
      nokogiri (~> 1)
      rake
    mimetype-fu (0.1.2)
    mini_mime (1.1.5)
    minitest (5.25.1)
    moneta (1.6.0)
    monetize (1.12.0)
      money (~> 6.12)
    money (6.19.0)
      i18n (>= 0.6.4, <= 2)
    mongo (2.19.3)
      bson (>= 4.14.1, < 5.0.0)
    mongo_session_store (3.2.1)
      actionpack (>= 4.0)
      mongo (~> 2.0)
    mongoid (8.0.8)
      activemodel (>= 5.1, < 7.2, != 7.0.0)
      mongo (>= 2.18.0, < 3.0.0)
      ruby2_keywords (~> 0.0.5)
    mongoid-grid_fs (2.5.0)
      mime-types (>= 1.0, < 4.0)
      mongoid (>= 3.0, < 9.0)
    mongoid-tree (2.2.0)
      mongoid (>= 4.0, < 9)
    morphine (0.1.1)
    msgpack (1.7.3)
    multi_json (1.15.0)
    multi_xml (0.7.1)
      bigdecimal (~> 3.1)
    multipart-post (2.4.1)
    mustermann (3.0.3)
      ruby2_keywords (~> 0.0.1)
    mustermann-grape (1.1.0)
      mustermann (>= 1.0.0)
    mutex_m (0.2.0)
    net-imap (0.5.0)
      date
      net-protocol
    net-pop (0.1.2)
      net-protocol
    net-protocol (0.2.2)
      timeout
    net-smtp (0.5.0)
      net-protocol
    nio4r (2.7.3)
    nokogiri (1.16.7-aarch64-linux)
      racc (~> 1.4)
    nokogiri (1.16.7-arm-linux)
      racc (~> 1.4)
    nokogiri (1.16.7-arm64-darwin)
      racc (~> 1.4)
    nokogiri (1.16.7-x86-linux)
      racc (~> 1.4)
    nokogiri (1.16.7-x86_64-darwin)
      racc (~> 1.4)
    nokogiri (1.16.7-x86_64-linux)
      racc (~> 1.4)
    origin (2.3.1)
    orm_adapter (0.5.0)
    parser (3.3.5.0)
      ast (~> 2.4.1)
      racc
    pony (1.13.1)
      mail (>= 2.0)
    psych (5.1.2)
      stringio
    public_suffix (6.0.1)
    puma (6.4.3)
      nio4r (~> 2.0)
    puma_worker_killer (1.0.0)
      bigdecimal (>= 2.0)
      get_process_mem (>= 0.2)
      puma (>= 2.7)
    pundit (2.3.2)
      activesupport (>= 3.0.0)
    racc (1.8.1)
    rack (3.1.8)
    rack-cache (1.14.0)
      rack (>= 0.4)
    rack-cors (2.0.2)
      rack (>= 2.0.0)
    rack-rewrite (1.5.1)
    rack-session (2.0.0)
      rack (>= 3.0.0)
    rack-test (2.1.0)
      rack (>= 1.3)
    rack-utm (0.0.2)
      rack
    rack_csrf (2.6.0)
      rack (>= 1.1.0)
    rackup (2.1.0)
      rack (>= 3)
      webrick (~> 1.8)
    rails (7.1.4.1)
      actioncable (= 7.1.4.1)
      actionmailbox (= 7.1.4.1)
      actionmailer (= 7.1.4.1)
      actionpack (= 7.1.4.1)
      actiontext (= 7.1.4.1)
      actionview (= 7.1.4.1)
      activejob (= 7.1.4.1)
      activemodel (= 7.1.4.1)
      activerecord (= 7.1.4.1)
      activestorage (= 7.1.4.1)
      activesupport (= 7.1.4.1)
      bundler (>= 1.15.0)
      railties (= 7.1.4.1)
    rails-dom-testing (2.2.0)
      activesupport (>= 5.0.0)
      minitest
      nokogiri (>= 1.6)
    rails-html-sanitizer (1.6.0)
      loofah (~> 2.21)
      nokogiri (~> 1.14)
    rails-i18n (7.0.9)
      i18n (>= 0.7, < 2)
      railties (>= 6.0.0, < 8)
    railties (7.1.4.1)
      actionpack (= 7.1.4.1)
      activesupport (= 7.1.4.1)
      irb
      rackup (>= 1.0.0)
      rake (>= 12.2)
      thor (~> 1.0, >= 1.2.2)
      zeitwerk (~> 2.6)
    rake (13.2.1)
    rdoc (6.7.0)
      psych (>= 4.0.0)
    reline (0.5.10)
      io-console (~> 0.5)
    responders (3.1.1)
      actionpack (>= 5.2)
      railties (>= 5.2)
    rexml (3.3.9)
    ruby2_keywords (0.0.5)
    sanitize (6.0.2)
      crass (~> 1.0.2)
      nokogiri (>= 1.12.0)
    sass-rails (6.0.0)
      sassc-rails (~> 2.1, >= 2.1.1)
    sassc (2.4.0)
      ffi (~> 1.9)
    sassc-rails (2.1.2)
      railties (>= 4.0.0)
      sassc (>= 2.0)
      sprockets (> 3.0)
      sprockets-rails
      tilt
    sentry-rails (5.21.0)
      railties (>= 5.0)
      sentry-ruby (~> 5.21.0)
    sentry-ruby (5.21.0)
      bigdecimal
      concurrent-ruby (~> 1.0, >= 1.0.2)
    simple_form (5.2.0)
      actionpack (>= 5.2)
      activemodel (>= 5.2)
    simple_token_authentication (1.18.1)
      actionmailer (>= 3.2.6, < 8)
      actionpack (>= 3.2.6, < 8)
      devise (>= 3.2, < 6)
    slim (5.0.0)
      temple (~> 0.10.0)
      tilt (>= 2.0.6, < 2.1)
    sprockets (4.2.1)
      concurrent-ruby (~> 1.0)
      rack (>= 2.2.4, < 4)
    sprockets-rails (3.4.2)
      actionpack (>= 5.2)
      activesupport (>= 5.2)
      sprockets (>= 3.0.0)
    ssrf_filter (1.0.8)
    stackprof (0.2.26)
    stringex (2.8.6)
    stringio (3.1.1)
    temple (0.10.3)
    thor (1.3.2)
    tilt (2.0.11)
    timeout (0.4.1)
    tzinfo (2.0.6)
      concurrent-ruby (~> 1.0)
    warden (1.2.9)
      rack (>= 2.0.9)
    webrick (1.8.2)
    websocket-driver (0.7.6)
      websocket-extensions (>= 0.1.0)
    websocket-extensions (0.1.5)
    yajl-ruby (1.4.3)
    zeitwerk (2.7.1)

PLATFORMS
  aarch64-linux
  aarch64-linux-gnu
  aarch64-linux-musl
  arm-linux
  arm-linux-gnu
  arm-linux-musl
  arm64-darwin
  x86-linux
  x86-linux-gnu
  x86-linux-musl
  x86_64-darwin
  x86_64-linux-gnu
  x86_64-linux-musl

DEPENDENCIES
  bootsnap
  carrierwave-aws
  custom_fields!
  debug (>= 1.0.0)
  devise
  dotenv
  locomotivecms!
  locomotivecms_common!
  locomotivecms_steam!
  mimemagic (~> 0.4.3)
  mongo_session_store (~> 3.2.1)
  puma (~> 6.4.0)
  puma_worker_killer
  rack-cors
  rails (~> 7.1, < 7.2)
  sentry-rails
  sentry-ruby
  shop_invader!
  stackprof
  tzinfo-data

RUBY VERSION
   ruby 3.3.5p100

BUNDLED WITH
   2.5.16
